GIT
  remote: git://github.com/guard/guard.git
  revision: eae4b9d2c9fef8ac950e55194e0e12f276016736
  specs:
    guard (0.8.8)
      thor (~> 0.14.6)

GEM
  remote: http://rubygems.org/
  specs:
    archive-tar-minitar (0.5.2)
    coderay (0.9.8)
    columnize (0.3.5)
    diff-lcs (1.1.3)
    fabrication (1.2.0)
    growl (1.0.3)
    guard-rspec (0.5.9)
      guard (>= 0.8.4)
    linecache19 (0.5.12)
      ruby_core_source (>= 0.1.4)
    method_source (0.6.7)
      ruby_parser (>= 2.3.1)
    pry (0.9.7.4)
      coderay (~> 0.9.8)
      method_source (~> 0.6.7)
      ruby_parser (>= 2.3.1)
      slop (~> 2.1.0)
    pry-doc (0.3.0)
      pry (>= 0.9.0)
      yard (>= 0.6.4)
    rb-fsevent (0.4.3.1)
    rspec (2.7.0)
      rspec-core (~> 2.7.0)
      rspec-expectations (~> 2.7.0)
      rspec-mocks (~> 2.7.0)
    rspec-core (2.7.1)
    rspec-expectations (2.7.0)
      diff-lcs (~> 1.1.2)
    rspec-mocks (2.7.0)
    ruby-debug-base19 (0.11.25)
      columnize (>= 0.3.1)
      linecache19 (>= 0.5.11)
      ruby_core_source (>= 0.1.4)
    ruby-debug19 (0.11.6)
      columnize (>= 0.3.1)
      linecache19 (>= 0.5.11)
      ruby-debug-base19 (>= 0.11.19)
    ruby_core_source (0.1.5)
      archive-tar-minitar (>= 0.5.2)
    ruby_parser (2.3.1)
      sexp_processor (~> 3.0)
    sexp_processor (3.0.9)
    slop (2.1.0)
    thor (0.14.6)
    timecop (0.3.5)
    yard (0.7.4)

PLATFORMS
  ruby

DEPENDENCIES
  bundler (>= 1.1.rc)
  fabrication
  growl
  guard!
  guard-rspec
  pry
  pry-doc
  rb-fsevent
  rspec
  ruby-debug19
  timecop
